GEM
  remote: https://rubygems.org/
  specs:
    ast (2.4.2)
    debug (1.8.0)
      irb (>= 1.5.0)
      reline (>= 0.3.1)
    diff-lcs (1.5.0)
    io-console (0.6.0)
    irb (1.8.1)
      rdoc
      reline (>= 0.3.8)
    json (2.7.2)
    language_server-protocol (3.17.0.3)
    parallel (1.25.1)
    parser (3.3.3.0)
      ast (~> 2.4.1)
      racc
    psych (5.1.0)
      stringio
    racc (1.8.0)
    rainbow (3.1.1)
    rdoc (6.5.0)
      psych (>= 4.0.0)
    regexp_parser (2.9.2)
    reline (0.3.9)
      io-console (~> 0.5)
    rexml (3.3.1)
      strscan
    rspec (3.12.0)
      rspec-core (~> 3.12.0)
      rspec-expectations (~> 3.12.0)
      rspec-mocks (~> 3.12.0)
    rspec-core (3.12.2)
      rspec-support (~> 3.12.0)
    rspec-expectations (3.12.3)
      diff-lcs (>= 1.2.0, < 2.0)
      rspec-support (~> 3.12.0)
    rspec-mocks (3.12.6)
      diff-lcs (>= 1.2.0, < 2.0)
      rspec-support (~> 3.12.0)
    rspec-support (3.12.1)
    rubocop (1.64.1)
      json (~> 2.3)
      language_server-protocol (>= 3.17.0)
      parallel (~> 1.10)
      parser (>= 3.3.0.2)
      rainbow (>= 2.2.2, < 4.0)
      regexp_parser (>= 1.8, < 3.0)
      rexml (>= 3.2.5, < 4.0)
      rubocop-ast (>= 1.31.1, < 2.0)
      ruby-progressbar (~> 1.7)
      unicode-display_width (>= 2.4.0, < 3.0)
    rubocop-ast (1.31.3)
      parser (>= 3.3.1.0)
    rubocop-performance (1.21.1)
      rubocop (>= 1.48.1, < 2.0)
      rubocop-ast (>= 1.31.1, < 2.0)
    rubocop-rspec (3.0.2)
      rubocop (~> 1.61)
    ruby-progressbar (1.13.0)
    stringio (3.0.8)
    strscan (3.1.0)
    unicode-display_width (2.5.0)

PLATFORMS
  aarch64-linux

DEPENDENCIES
  debug (~> 1.8)
  rspec (~> 3.12)
  rubocop
  rubocop-performance
  rubocop-rspec

BUNDLED WITH
   2.3.26
